GIT
  remote: git://github.com/bdewey/org-ruby.git
  revision: a82df37e0bc551dce346f575f76c1e19f54d42c8
  specs:
    org-ruby (0.8.0)
      rubypants (>= 0.2.0)

GEM
  remote: http://rubygems.org/
  specs:
    classifier (1.3.3)
      fast-stemmer (>= 1.0.0)
    directory_watcher (1.4.1)
    fast-stemmer (1.0.2)
    i18n (0.6.1)
    jekyll (0.12.0)
      classifier (~> 1.3)
      directory_watcher (~> 1.1)
      kramdown (~> 0.13.4)
      liquid (~> 2.3)
      maruku (~> 0.5)
      pygments.rb (~> 0.3.2)
    kramdown (0.13.8)
    liquid (2.4.1)
    maruku (0.6.1)
      syntax (>= 1.0.0)
    posix-spawn (0.3.6)
    pygments.rb (0.3.7)
      posix-spawn (~> 0.3.6)
      yajl-ruby (~> 1.1.0)
    rubypants (0.2.0)
    syntax (1.0.0)
    yajl-ruby (1.1.0)

PLATFORMS
  ruby

DEPENDENCIES
  i18n (~> 0.6.1)
  jekyll (~> 0.12.0)
  org-ruby!
  pygments.rb (~> 0.3.7)
