GEM
  remote: https://rubygems.org/
  specs:
    addressable (2.4.0)
    autoprefixer-rails (6.3.7)
      execjs
    celluloid (0.16.0)
      timers (~> 4.0.0)
    coderay (1.1.0)
    colorator (1.1.0)
    commonjs (0.2.7)
    concurrent-ruby (1.0.2)
    em-websocket (0.5.1)
      eventmachine (>= 0.12.9)
      http_parser.rb (~> 0.6.0)
    eventmachine (1.0.8)
    execjs (2.7.0)
    extras (0.1.0)
      forwardable-extended (~> 2.5)
    fastimage (2.0.0)
      addressable (~> 2)
    ffi (1.9.10)
    formatador (0.2.5)
    forwardable-extended (2.6.0)
    guard (2.13.0)
      formatador (>= 0.2.4)
      listen (>= 2.7, <= 4.0)
      lumberjack (~> 1.0)
      nenv (~> 0.1)
      notiffany (~> 0.0)
      pry (>= 0.9.12)
      shellany (~> 0.0)
      thor (>= 0.18.1)
    guard-livereload (2.4.0)
      em-websocket (~> 0.5)
      guard (~> 2.8)
      multi_json (~> 1.8)
    hitimes (1.2.2)
    http_parser.rb (0.6.0)
    i18n (0.7.0)
    jekyll (3.2.0)
      colorator (~> 1.0)
      jekyll-sass-converter (~> 1.0)
      jekyll-watch (~> 1.1)
      kramdown (~> 1.3)
      liquid (~> 3.0)
      mercenary (~> 0.3.3)
      pathutil (~> 0.9)
      rouge (~> 1.7)
      safe_yaml (~> 1.0)
    jekyll-assets (2.2.7)
      extras (~> 0.1)
      fastimage (~> 2.0, >= 1.8)
      jekyll (~> 3.1, >= 3.0)
      pathutil (>= 0.8)
      sprockets (~> 3.3)
    jekyll-paginate (1.1.0)
    jekyll-sass-converter (1.4.0)
      sass (~> 3.4)
    jekyll-watch (1.2.1)
      listen (~> 2.7)
    kramdown (1.11.1)
    less (2.6.0)
      commonjs (~> 0.2.7)
    libv8 (3.16.14.15)
    liquid (3.0.6)
    listen (2.10.1)
      celluloid (~> 0.16.0)
      rb-fsevent (>= 0.9.3)
      rb-inotify (>= 0.9)
    lumberjack (1.0.9)
    mercenary (0.3.6)
    method_source (0.8.2)
    multi_json (1.11.2)
    nenv (0.2.0)
    notiffany (0.0.7)
      nenv (~> 0.1)
      shellany (~> 0.0)
    org-ruby (0.9.12)
      rubypants (~> 0.2)
    pathutil (0.14.0)
      forwardable-extended (~> 2.6)
    pry (0.10.1)
      coderay (~> 1.1.0)
      method_source (~> 0.8.1)
      slop (~> 3.4)
    rack (2.0.1)
    rb-fsevent (0.9.5)
    rb-inotify (0.9.5)
      ffi (>= 0.5.0)
    ref (2.0.0)
    rouge (1.11.1)
    rubypants (0.2.0)
    safe_yaml (1.0.4)
    sass (3.4.22)
    shellany (0.0.1)
    slop (3.6.0)
    sprockets (3.7.0)
      concurrent-ruby (~> 1.0)
      rack (> 1, < 3)
    therubyracer (0.12.2)
      libv8 (~> 3.16.14.0)
      ref
    thor (0.19.1)
    timers (4.0.1)
      hitimes

PLATFORMS
  ruby

DEPENDENCIES
  autoprefixer-rails
  guard-livereload
  i18n
  jekyll (~> 3.2)
  jekyll-assets
  jekyll-paginate
  less
  org-ruby
  therubyracer

BUNDLED WITH
   1.12.5
